GEM
  remote: http://rubygems.org/
  specs:
    addressable (2.2.6)
    capybara (1.1.2)
      mime-types (>= 1.16)
      nokogiri (>= 1.3.3)
      rack (>= 1.0.0)
      rack-test (>= 0.5.4)
      selenium-webdriver (~> 2.0)
      xpath (~> 0.1.4)
    capybara-webkit (0.12.1)
      capybara (>= 1.0.0, < 1.2)
      json
    childprocess (0.3.2)
      ffi (~> 1.0.6)
    ffi (1.0.11)
    json (1.7.3)
    libwebsocket (0.1.3)
      addressable
    mime-types (1.18)
    multi_json (1.3.5)
    nokogiri (1.5.4)
    rack (1.4.1)
    rack-test (0.6.1)
      rack (>= 1.0)
    rubyzip (0.9.9)
    selenium-webdriver (2.24.0)
      childprocess (>= 0.2.5)
      libwebsocket (~> 0.1.3)
      multi_json (~> 1.0)
      rubyzip
    sinatra (1.2.6)
      rack (~> 1.1)
      tilt (>= 1.2.2, < 2.0)
    test-unit (2.4.8)
    tilt (1.3.2)
    xpath (0.1.4)
      nokogiri (~> 1.3)

PLATFORMS
  ruby

DEPENDENCIES
  capybara
  capybara-webkit
  sinatra
  test-unit
